GEM
  remote: https://rubygems.org/
  specs:
    aws-sdk (1.53.0)
      aws-sdk-v1 (= 1.53.0)
    aws-sdk-v1 (1.53.0)
      json (~> 1.4)
      nokogiri (>= 1.4.4)
    builder (3.2.2)
    json (1.8.1)
    mini_portile (0.6.0)
    nokogiri (1.6.3.1)
      mini_portile (= 0.6.0)
    rake (10.3.2)
    redcarpet (3.1.2)
    rugged (0.21.0)

PLATFORMS
  ruby

DEPENDENCIES
  aws-sdk
  builder
  rake
  redcarpet
  rugged
